GEM
  remote: https://rubygems.org/
  specs:
    bcrypt (3.1.18)
    crass (1.0.6)
    digest (3.1.0)
    erubis (2.7.0)
    minitest (5.16.1)
    multi_json (1.15.0)
    mustermann (1.1.1)
      ruby2_keywords (~> 0.0.1)
    nokogiri (1.13.6-x86_64-linux)
      racc (~> 1.4)
    pg (1.4.1)
    racc (1.6.0)
    rack (2.2.3.1)
    rack-protection (2.1.0)
      rack
    rack-test (2.0.0)
      rack (>= 1.3)
    redcarpet (3.5.1)
    ruby2_keywords (0.0.5)
    sanitize (6.0.0)
      crass (~> 1.0.2)
      nokogiri (>= 1.12.0)
    securerandom (0.2.0)
    sinatra (2.1.0)
      mustermann (~> 1.0)
      rack (~> 2.2)
      rack-protection (= 2.1.0)
      tilt (~> 2.0)
    sinatra-contrib (2.1.0)
      multi_json
      mustermann (~> 1.0)
      rack-protection (= 2.1.0)
      sinatra (= 2.1.0)
      tilt (~> 2.0)
    sysrandom (1.0.5)
    tilt (2.0.10)
    webrick (1.7.0)

PLATFORMS
  x86_64-linux

DEPENDENCIES
  bcrypt
  digest
  erubis
  minitest
  pg
  rack-protection
  rack-test
  redcarpet
  sanitize
  securerandom
  sinatra (~> 2.1.0)
  sinatra-contrib
  sysrandom
  webrick

RUBY VERSION
   ruby 3.1.2p20

BUNDLED WITH
   2.3.7
